GEM
  remote: https://rubygems.org/
  specs:
    activesupport (4.2.6)
      i18n (~> 0.7)
      json (~> 1.7, >= 1.7.7)
      minitest (~> 5.1)
      thread_safe (~> 0.3, >= 0.3.4)
      tzinfo (~> 1.1)
    httparty (0.13.7)
      json (~> 1.8)
      multi_xml (>= 0.5.2)
    i18n (0.7.0)
    json (1.8.3)
    middleware (0.1.0)
    minitest (5.8.4)
    msgpack (0.7.5)
    multi_xml (0.5.5)
    protobuf (3.6.7)
      activesupport (>= 3.2)
      middleware
      thor
      thread_safe
    thor (0.19.1)
    thread_safe (0.3.5)
    tzinfo (1.2.2)
      thread_safe (~> 0.1)

PLATFORMS
  ruby

DEPENDENCIES
  httparty
  msgpack
  protobuf

BUNDLED WITH
   1.11.2
